GEM
  remote: https://rubygems.org/
  specs:
    alphred (2.0.2)
      builder (~> 3.2)
    builder (3.2.4)
    coderay (1.1.2)
    concurrent-ruby (1.1.5)
    faker (2.10.0)
      i18n (>= 1.6, < 1.8)
    i18n (1.7.0)
      concurrent-ruby (~> 1.0)
    method_source (0.9.2)
    minitest (5.13.0)
    pry (0.12.2)
      coderay (~> 1.1.0)
      method_source (~> 0.9.0)
    rake (13.0.1)

PLATFORMS
  ruby

DEPENDENCIES
  alphred (~> 2.0)
  faker (~> 2.0)
  minitest
  pry
  rake

BUNDLED WITH
   1.17.3
