GEM
  remote: https://rubygems.org/
  specs:
    alphred (2.0.2)
      builder (~> 3.2)
    builder (3.2.4)
    coderay (1.1.3)
    concurrent-ruby (1.1.6)
    faker (2.13.0)
      i18n (>= 1.6, < 2)
    i18n (1.8.4)
      concurrent-ruby (~> 1.0)
    method_source (1.0.0)
    minitest (5.14.1)
    pry (0.13.1)
      coderay (~> 1.1)
      method_source (~> 1.0)
    rake (13.0.1)

PLATFORMS
  ruby

DEPENDENCIES
  alphred (~> 2.0)
  faker (~> 2.0)
  minitest
  pry
  rake

BUNDLED WITH
   1.17.2
