GEM
  remote: https://rubygems.org/
  specs:
    alphred (2.0.1)
      builder (~> 3.2)
    builder (3.2.2)
    coderay (1.1.1)
    faker (1.6.6)
      i18n (~> 0.5)
    i18n (0.7.0)
    method_source (0.8.2)
    minitest (5.9.1)
    pry (0.10.4)
      coderay (~> 1.1.0)
      method_source (~> 0.8.1)
      slop (~> 3.4)
    rake (11.3.0)
    slop (3.6.0)

PLATFORMS
  ruby

DEPENDENCIES
  alphred (~> 2.0)
  faker (~> 1.5)
  minitest
  pry
  rake

BUNDLED WITH
   1.11.2
